NUGET
  remote: http://nuget.org/api/v2
  specs:
    FAKE (3.5.4)
    FSharp.Compiler.Service (0.0.62)
    FSharp.Formatting (2.4.25)
      Microsoft.AspNet.Razor (2.0.30506.0)
      RazorEngine (3.3.0)
      FSharp.Compiler.Service (>= 0.0.59)
    Microsoft.AspNet.Razor (2.0.30506.0)
    NuGet.CommandLine (2.8.2)
    NUnit (2.6.3)
    NUnit.Runners (2.6.3)
    RazorEngine (3.3.0)
      Microsoft.AspNet.Razor (>= 2.0.30506.0)
    Rx-Core (2.2.5)
      Rx-Interfaces (>= 2.2.5)
    Rx-Experimental (2.2.5)
      Rx-Interfaces (>= 2.2.5)
      Rx-Core (>= 2.2.5)
      Rx-Linq (>= 2.2.5)
      Rx-Providers (>= 2.2.5)
    Rx-Interfaces (2.2.5)
    Rx-Linq (2.2.5)
      Rx-Interfaces (>= 2.2.5)
      Rx-Core (>= 2.2.5)
    Rx-Main (2.2.5)
      Rx-Interfaces (>= 2.2.5)
      Rx-Core (>= 2.2.5)
      Rx-Linq (>= 2.2.5)
      Rx-PlatformServices (>= 2.2.5)
    Rx-PlatformServices (2.2.5)
      Rx-Interfaces (>= 2.2.5)
      Rx-Core (>= 2.2.5)
    Rx-Providers (2.2.5)
      Rx-Main (>= 2.2.5)
    Rx-Testing (2.2.5)
      Rx-Main (>= 2.2.5)
    SourceLink.Fake (0.3.4)
